GEM
  remote: https://rubygems.org/
  specs:
    mini-smtp-server (0.0.2)

PLATFORMS
  ruby

DEPENDENCIES
  mini-smtp-server

BUNDLED WITH
   1.11.2
